GIT
  remote: git://github.com/parndt/refinerycms-i18n.git
  revision: 22646143c6e4ce43e4480cef8aa94ede22f761c9
  specs:
    refinerycms-i18n (2.1.0.dev)
      refinerycms-core (~> 2.0)
      routing-filter (~> 0.3.0)

GIT
  remote: git://github.com/parndt/refinerycms-settings.git
  revision: 5618137de26848fba733c7fb378ddc54a40bb1c3
  specs:
    refinerycms-settings (2.1.0.dev)
      refinerycms-core (~> 2.1.0.dev)

GIT
  remote: git://github.com/resolve/refinerycms-news.git
  revision: 70acd0b0f15404cd969c202d0124c7b29517d817
  specs:
    refinerycms-news (2.1.0.dev)
      friendly_id (~> 4.0.4)
      refinerycms-core (~> 2.1.0.dev)
      refinerycms-settings (~> 2.1.0.dev)

GIT
  remote: git://github.com/resolve/refinerycms.git
  revision: 3386fcd3e2654fa83265e5b22bfc8719ea5d8b4f
  specs:
    refinerycms (2.1.0.dev)
      bundler (~> 1.0)
      refinerycms-authentication (= 2.1.0.dev)
      refinerycms-core (= 2.1.0.dev)
      refinerycms-dashboard (= 2.1.0.dev)
      refinerycms-images (= 2.1.0.dev)
      refinerycms-pages (= 2.1.0.dev)
      refinerycms-resources (= 2.1.0.dev)
    refinerycms-authentication (2.1.0.dev)
      actionmailer (>= 3.1.3, < 3.3)
      devise (~> 2.0.0)
      orm_adapter (~> 0.0.7)
      refinerycms-core (= 2.1.0.dev)
    refinerycms-core (2.1.0.dev)
      actionpack (>= 3.1.3, < 3.3)
      activerecord (>= 3.1.3, < 3.3)
      awesome_nested_set (~> 2.1.3)
      coffee-rails (~> 3.2.1)
      jquery-rails (~> 2.0.0)
      railties (>= 3.1.3, < 3.3)
      sass-rails (~> 3.2.3)
      truncate_html (~> 0.5)
      will_paginate (~> 3.0.2)
    refinerycms-dashboard (2.1.0.dev)
      refinerycms-core (= 2.1.0.dev)
    refinerycms-images (2.1.0.dev)
      acts_as_indexed (~> 0.7.7)
      dragonfly (~> 0.9.8)
      rack-cache (>= 0.5.3)
      refinerycms-core (= 2.1.0.dev)
    refinerycms-pages (2.1.0.dev)
      acts_as_indexed (~> 0.7.7)
      awesome_nested_set (~> 2.1.3)
      babosa (!= 0.3.6)
      friendly_id (~> 4.0.4)
      globalize3 (~> 0.2.0)
      refinerycms-core (= 2.1.0.dev)
      seo_meta (~> 1.3.0)
    refinerycms-resources (2.1.0.dev)
      acts_as_indexed (~> 0.7.7)
      dragonfly (~> 0.9.8)
      rack-cache (>= 0.5.3)
      refinerycms-core (= 2.1.0.dev)

GEM
  remote: https://rubygems.org/
  specs:
    actionmailer (3.2.6)
      actionpack (= 3.2.6)
      mail (~> 2.4.4)
    actionpack (3.2.6)
      activemodel (= 3.2.6)
      activesupport (= 3.2.6)
      builder (~> 3.0.0)
      erubis (~> 2.7.0)
      journey (~> 1.0.1)
      rack (~> 1.4.0)
      rack-cache (~> 1.2)
      rack-test (~> 0.6.1)
      sprockets (~> 2.1.3)
    activemodel (3.2.6)
      activesupport (= 3.2.6)
      builder (~> 3.0.0)
    activerecord (3.2.6)
      activemodel (= 3.2.6)
      activesupport (= 3.2.6)
      arel (~> 3.0.2)
      tzinfo (~> 0.3.29)
    activeresource (3.2.6)
      activemodel (= 3.2.6)
      activesupport (= 3.2.6)
    activesupport (3.2.6)
      i18n (~> 0.6)
      multi_json (~> 1.0)
    acts_as_indexed (0.7.8)
    airbrake (3.1.1)
      activesupport
      builder
    arel (3.0.2)
    awesome_nested_set (2.1.3)
      activerecord (>= 3.0.0)
    babosa (0.3.7)
    bcrypt-ruby (3.0.1)
    builder (3.0.0)
    coffee-rails (3.2.2)
      coffee-script (>= 2.2.0)
      railties (~> 3.2.0)
    coffee-script (2.2.0)
      coffee-script-source
      execjs
    coffee-script-source (1.3.3)
    dalli (2.0.5)
    devise (2.0.4)
      bcrypt-ruby (~> 3.0)
      orm_adapter (~> 0.0.3)
      railties (~> 3.1)
      warden (~> 1.1.1)
    dragonfly (0.9.12)
      rack
    erubis (2.7.0)
    excon (0.13.4)
    execjs (1.4.0)
      multi_json (~> 1.0)
    fog (1.3.1)
      builder
      excon (~> 0.13.0)
      formatador (~> 0.2.0)
      mime-types
      multi_json (~> 1.0)
      net-scp (~> 1.0.4)
      net-ssh (>= 2.1.3)
      nokogiri (~> 1.5.0)
      ruby-hmac
    formatador (0.2.3)
    friendly_id (4.0.7)
    globalize3 (0.2.0)
      activemodel (>= 3.0.0)
      activerecord (>= 3.0.0)
      paper_trail (~> 2)
    hike (1.2.1)
    i18n (0.6.0)
    journey (1.0.3)
    jquery-rails (2.0.2)
      railties (>= 3.2.0, < 5.0)
      thor (~> 0.14)
    json (1.7.3)
    libv8 (3.3.10.4)
    mail (2.4.4)
      i18n (>= 0.4.0)
      mime-types (~> 1.16)
      treetop (~> 1.4.8)
    mime-types (1.18)
    multi_json (1.3.6)
    mysql2 (0.3.11)
    net-scp (1.0.4)
      net-ssh (>= 1.99.1)
    net-ssh (2.5.2)
    nokogiri (1.5.4)
    orm_adapter (0.0.7)
    paper_trail (2.6.3)
      activerecord (~> 3.0)
      railties (~> 3.0)
    polyglot (0.3.3)
    rack (1.4.1)
    rack-cache (1.2)
      rack (>= 0.4)
    rack-ssl (1.3.2)
      rack
    rack-test (0.6.1)
      rack (>= 1.0)
    rails (3.2.6)
      actionmailer (= 3.2.6)
      actionpack (= 3.2.6)
      activerecord (= 3.2.6)
      activeresource (= 3.2.6)
      activesupport (= 3.2.6)
      bundler (~> 1.0)
      railties (= 3.2.6)
    railties (3.2.6)
      actionpack (= 3.2.6)
      activesupport (= 3.2.6)
      rack-ssl (~> 1.3.2)
      rake (>= 0.8.7)
      rdoc (~> 3.4)
      thor (>= 0.14.6, < 2.0)
    rake (0.9.2.2)
    rdoc (3.12)
      json (~> 1.4)
    routing-filter (0.3.1)
      actionpack
    ruby-hmac (0.4.0)
    rubycas-client (2.3.8)
      activesupport
    sanitize (2.0.3)
      nokogiri (>= 1.4.4, < 1.6)
    sass (3.1.19)
    sass-rails (3.2.5)
      railties (~> 3.2.0)
      sass (>= 3.1.10)
      tilt (~> 1.3)
    seo_meta (1.3.0)
      railties (>= 3.0.0)
    sprockets (2.1.3)
      hike (~> 1.2)
      rack (~> 1.0)
      tilt (~> 1.1, != 1.3.0)
    therubyracer (0.10.1)
      libv8 (~> 3.3.10)
    thor (0.15.2)
    tilt (1.3.3)
    treetop (1.4.10)
      polyglot
      polyglot (>= 0.3.1)
    truncate_html (0.5.5)
    tzinfo (0.3.33)
    uglifier (1.2.4)
      execjs (>= 0.3.0)
      multi_json (>= 1.0.2)
    warden (1.1.1)
      rack (>= 1.0)
    will_paginate (3.0.3)

PLATFORMS
  ruby

DEPENDENCIES
  airbrake
  coffee-rails (~> 3.2.1)
  dalli
  fog
  jquery-rails
  mysql2
  rails (~> 3.2.6)
  refinerycms!
  refinerycms-i18n!
  refinerycms-news!
  refinerycms-settings!
  rubycas-client (= 2.3.8)
  sanitize
  sass-rails (~> 3.2.3)
  therubyracer
  uglifier (>= 1.0.3)
